GEM
  remote: https://rubygems.org/
  specs:
    coderay (1.1.3)
    concurrent-ruby (1.2.2)
    dentaku (3.5.1)
      concurrent-ruby
    gdb (1.0.0)
      memory_io (~> 0.1.1)
      pry (~> 0.11)
    gdbdump (0.9.4)
    gdbruby (0.0.2)
    memory_io (0.1.1)
      dentaku (>= 2.0.11)
    method_source (1.0.0)
    pry (0.14.2)
      coderay (~> 1.1)
      method_source (~> 1.0)
    rgdb (0.0.1.245)
    segv-handler-gdb (1.0.0)

PLATFORMS
  x86_64-darwin-20

DEPENDENCIES
  gdb (~> 1.0)
  gdbdump (~> 0.9.4)
  gdbruby (~> 0.0.2)
  rgdb (~> 0.0.1)
  segv-handler-gdb (~> 1.0)

BUNDLED WITH
   2.2.33
